GEM
  remote: https://rubygems.org/
  specs:
    CFPropertyList (2.3.2)
    addressable (2.2.8)
    ast (2.1.0)
    astrolabe (1.3.1)
      parser (~> 2.2)
    aws-sdk (1.60.2)
      aws-sdk-v1 (= 1.60.2)
    aws-sdk-v1 (1.60.2)
      json (~> 1.4)
      nokogiri (>= 1.4.4)
    blobstore_client (1.3074.0)
      aws-sdk (= 1.60.2)
      bosh_common (~> 1.3074.0)
      fog (~> 1.31.0)
      fog-aws (<= 0.1.1)
      httpclient (= 2.4.0)
      multi_json (~> 1.1)
    bosh-template (1.3074.0)
      semi_semantic (~> 1.1.0)
    bosh_cli (1.3074.0)
      blobstore_client (~> 1.3074.0)
      bosh-template (~> 1.3074.0)
      bosh_common (~> 1.3074.0)
      cf-uaa-lib (~> 3.2.1)
      highline (~> 1.6.2)
      httpclient (= 2.4.0)
      json_pure (~> 1.7)
      minitar (~> 0.5.4)
      net-scp (~> 1.1.0)
      net-ssh (>= 2.2.1)
      net-ssh-gateway (~> 1.2.0)
      netaddr (~> 1.5.0)
      progressbar (~> 0.9.0)
      terminal-table (~> 1.4.3)
    bosh_common (1.3074.0)
      logging (~> 1.8.2)
      semi_semantic (~> 1.1.0)
    braintree (2.49.0)
      builder (>= 2.0.0)
    bson (1.12.3)
    bson_ext (1.12.3)
      bson (~> 1.12.3)
    builder (3.2.2)
    bundler08 (0.8.5)
    capybara (2.5.0)
      mime-types (>= 1.16)
      nokogiri (>= 1.3.3)
      rack (>= 1.0.0)
      rack-test (>= 0.5.4)
      xpath (~> 2.0)
    capybara-screenshot (1.0.3)
      capybara (>= 1.0, < 3)
      colored
      launchy
    cf-app-utils (0.2)
    cf-uaa-lib (3.2.4)
      multi_json
    childprocess (0.5.5)
      ffi (~> 1.0, >= 1.0.11)
    chronic (0.10.2)
    cliver (0.3.2)
    coderay (1.1.0)
    colored (1.2)
    crack (0.4.2)
      safe_yaml (~> 1.0.0)
    cucumber (1.3.20)
      builder (>= 2.1.2)
      diff-lcs (>= 1.1.3)
      gherkin (~> 2.12)
      multi_json (>= 1.7.5, < 2.0)
      multi_test (>= 0.1.2)
    cucumber-nagios (0.6.8)
      bundler08 (= 0.8.5)
      rake (>= 0.8.3)
      templater (>= 0.5)
    daemons (1.1.9)
    deep_merge (1.0.1)
    diff-lcs (1.1.3)
    domain_name (0.5.25)
      unf (>= 0.0.5, < 1.0.0)
    eventmachine (1.0.4)
    excon (0.71.0)
    extlib (0.9.16)
    faraday (0.9.2)
      multipart-post (>= 1.2, < 3)
    ffi (1.9.6)
    fission (0.5.0)
      CFPropertyList (~> 2.2)
    fog (1.31.0)
      fog-atmos
      fog-aws (~> 0.0)
      fog-brightbox (~> 0.4)
      fog-core (~> 1.30)
      fog-ecloud
      fog-google (>= 0.0.2)
      fog-json
      fog-local
      fog-powerdns (>= 0.1.1)
      fog-profitbricks
      fog-radosgw (>= 0.0.2)
      fog-riakcs
      fog-sakuracloud (>= 0.0.4)
      fog-serverlove
      fog-softlayer
      fog-storm_on_demand
      fog-terremark
      fog-vmfusion
      fog-voxel
      fog-xml (~> 0.1.1)
      ipaddress (~> 0.5)
      nokogiri (~> 1.5, >= 1.5.11)
    fog-atmos (0.1.0)
      fog-core
      fog-xml
    fog-aws (0.1.1)
      fog-core (~> 1.27)
      fog-json (~> 1.0)
      fog-xml (~> 0.1)
      ipaddress (~> 0.8)
    fog-brightbox (0.9.0)
      fog-core (~> 1.22)
      fog-json
      inflecto (~> 0.0.2)
    fog-core (1.32.1)
      builder
      excon (~> 0.45)
      formatador (~> 0.2)
      mime-types
      net-scp (~> 1.1)
      net-ssh (>= 2.1.3)
    fog-ecloud (0.3.0)
      fog-core
      fog-xml
    fog-google (0.1.1)
      fog-core
      fog-json
      fog-xml
    fog-json (1.0.2)
      fog-core (~> 1.0)
      multi_json (~> 1.10)
    fog-local (0.2.1)
      fog-core (~> 1.27)
    fog-powerdns (0.1.1)
      fog-core (~> 1.27)
      fog-json (~> 1.0)
      fog-xml (~> 0.1)
    fog-profitbricks (0.0.5)
      fog-core
      fog-xml
      nokogiri
    fog-radosgw (0.0.4)
      fog-core (>= 1.21.0)
      fog-json
      fog-xml (>= 0.0.1)
    fog-riakcs (0.1.0)
      fog-core
      fog-json
      fog-xml
    fog-sakuracloud (1.3.3)
      fog-core
      fog-json
    fog-serverlove (0.1.2)
      fog-core
      fog-json
    fog-softlayer (1.0.2)
      fog-core
      fog-json
    fog-storm_on_demand (0.1.1)
      fog-core
      fog-json
    fog-terremark (0.1.0)
      fog-core
      fog-xml
    fog-vmfusion (0.1.0)
      fission
      fog-core
    fog-voxel (0.1.0)
      fog-core
      fog-xml
    fog-xml (0.1.2)
      fog-core
      nokogiri (~> 1.5, >= 1.5.11)
    formatador (0.2.5)
    gherkin (2.12.2)
      multi_json (~> 1.3)
    gmail (0.4.2)
      gmail_xoauth (>= 0.3.0)
      mail (>= 2.2.1)
      mime (>= 0.1)
    gmail_xoauth (0.4.1)
      oauth (>= 0.3.6)
    hashie (2.1.2)
    headless (0.3.1)
    highline (1.6.21)
    http-cookie (1.0.2)
      domain_name (~> 0.5)
    httparty (0.13.7)
      json (~> 1.8)
      multi_xml (>= 0.5.2)
    httpclient (2.4.0)
    inflecto (0.0.2)
    ipaddress (0.8.0)
    json (1.8.3)
    json_pure (1.8.1)
    launchy (2.1.0)
      addressable (~> 2.2.6)
    little-plugger (1.1.4)
    log4r (1.1.10)
    logging (1.8.2)
      little-plugger (>= 1.1.3)
      multi_json (>= 1.8.4)
    macaddr (1.7.1)
      systemu (~> 2.6.2)
    mail (2.6.3)
      mime-types (>= 1.16, < 3)
    method_source (0.8.2)
    mime (0.4.2)
    mime-types (2.6.2)
    mini_portile (0.6.2)
    mini_portile2 (2.4.0)
    minitar (0.5.4)
    mongo (1.12.3)
      bson (= 1.12.3)
    multi_json (1.11.2)
    multi_test (0.1.2)
    multi_xml (0.5.5)
    multipart-post (2.0.0)
    nats (0.4.22)
      daemons (>= 1.1.4)
      eventmachine (>= 0.12.10)
      json_pure (>= 1.6.1)
      thin (>= 1.3.1)
    net-http-persistent (2.9.4)
    net-scp (1.1.2)
      net-ssh (>= 2.6.5)
    net-ssh (3.0.1)
    net-ssh-gateway (1.2.0)
      net-ssh (>= 2.6.5)
    netaddr (1.5.0)
    netrc (0.10.3)
    nokogiri (1.10.4)
      mini_portile2 (~> 2.4.0)
    oauth (0.4.7)
    papertrail (0.9.12)
      chronic
    parallel (0.7.1)
    parallel_tests (1.6.1)
      parallel
    parser (2.2.2.6)
      ast (>= 1.1, < 3.0)
    poltergeist (1.7.0)
      capybara (~> 2.1)
      cliver (~> 0.3.1)
      multi_json (~> 1.0)
      websocket-driver (>= 0.2.0)
    powerpack (0.1.1)
    progressbar (0.9.2)
    pry (0.10.1)
      coderay (~> 1.1.0)
      method_source (~> 0.8.1)
      slop (~> 3.4)
    rack (1.6.4)
    rack-test (0.6.3)
      rack (>= 1.0)
    rainbow (2.0.0)
    rake (0.9.6)
    redis (3.0.7)
    remote_syslog_logger (1.0.3)
      syslog_protocol
    rest-client (1.8.0)
      http-cookie (>= 1.0.2, < 2.0)
      mime-types (>= 1.16, < 3.0)
      netrc (~> 0.7)
    rspec (2.99.0)
      rspec-core (~> 2.99.0)
      rspec-expectations (~> 2.99.0)
      rspec-mocks (~> 2.99.0)
    rspec-core (2.99.2)
    rspec-expectations (2.99.2)
      diff-lcs (>= 1.1.3, < 2.0)
    rspec-mocks (2.99.4)
    rubocop (0.34.2)
      astrolabe (~> 1.3)
      parser (>= 2.2.2.5, < 3.0)
      powerpack (~> 0.1)
      rainbow (>= 1.99.1, < 3.0)
      ruby-progressbar (~> 1.4)
    ruby-progressbar (1.7.5)
    rubyzip (0.9.9)
    safe_yaml (1.0.4)
    selenium-webdriver (2.35.1)
      childprocess (>= 0.2.5)
      multi_json (~> 1.0)
      rubyzip (< 1.0.0)
      websocket (~> 1.0.4)
    semi_semantic (1.1.0)
    slop (3.6.0)
    slowhandcuke (0.0.3)
      cucumber
    state_machine (1.2.0)
    statsd-ruby (1.2.1)
    stripe (1.30.3)
      json (~> 1.8.1)
      rest-client (~> 1.4)
    syntax (1.0.0)
    syslog_protocol (0.9.2)
    systemu (2.6.4)
    templater (1.0.0)
      diff-lcs (>= 1.1.2)
      extlib (>= 0.9.5)
      highline (>= 1.4.0)
    terminal-table (1.4.5)
    thin (1.6.2)
      daemons (>= 1.0.9)
      eventmachine (>= 1.0.0)
      rack (>= 1.0.0)
    tmuxinator (0.5.0)
    unf (0.1.4)
      unf_ext
    unf_ext (0.0.7.1)
    uuid (2.3.7)
      macaddr (~> 1.0)
    uuidtools (2.1.5)
    websocket (1.0.7)
    websocket-driver (0.6.2)
      websocket-extensions (>= 0.1.0)
    websocket-extensions (0.1.2)
    xpath (2.0.0)
      nokogiri (~> 1.3)
    yajl-ruby (1.1.0)

PLATFORMS
  ruby

DEPENDENCIES
  addressable (= 2.2.8)
  ast (= 2.1.0)
  astrolabe (= 1.3.1)
  bosh_cli (= 1.3074.0)
  braintree (= 2.49.0)
  bson (= 1.12.3)
  bson_ext (= 1.12.3)
  builder (= 3.2.2)
  bundler (= 1.10.6)
  bundler08 (= 0.8.5)
  capybara (= 2.5.0)
  capybara-screenshot (= 1.0.3)
  cf-app-utils (= 0.2)
  childprocess (= 0.5.5)
  chronic (= 0.10.2)
  cliver (= 0.3.2)
  coderay (= 1.1.0)
  colored (= 1.2)
  crack (= 0.4.2)
  cucumber (= 1.3.20)
  cucumber-nagios (= 0.6.8)
  daemons (= 1.1.9)
  deep_merge (= 1.0.1)
  diff-lcs (= 1.1.3)
  domain_name (= 0.5.25)
  eventmachine (= 1.0.4)
  extlib (= 0.9.16)
  faraday (= 0.9.2)
  ffi (= 1.9.6)
  gherkin (= 2.12.2)
  gmail (= 0.4.2)
  gmail_xoauth (= 0.4.1)
  hashie (= 2.1.2)
  headless (= 0.3.1)
  highline (= 1.6.21)
  http-cookie (= 1.0.2)
  httparty (= 0.13.7)
  json (= 1.8.3)
  json_pure (= 1.8.1)
  launchy (= 2.1.0)
  log4r (= 1.1.10)
  macaddr (= 1.7.1)
  mail (= 2.6.3)
  method_source (= 0.8.2)
  mime (= 0.4.2)
  mime-types (= 2.6.2)
  mini_portile (= 0.6.2)
  mongo (= 1.12.3)
  multi_json (= 1.11.2)
  multi_test (= 0.1.2)
  multi_xml (= 0.5.5)
  multipart-post (= 2.0.0)
  nats (= 0.4.22)
  net-http-persistent (= 2.9.4)
  net-ssh
  netrc (= 0.10.3)
  nokogiri (= 1.10.4)
  oauth (= 0.4.7)
  papertrail (= 0.9.12)
  parallel (= 0.7.1)
  parallel_tests (= 1.6.1)
  parser (= 2.2.2.6)
  poltergeist (= 1.7.0)
  powerpack (= 0.1.1)
  pry (= 0.10.1)
  rack (= 1.6.4)
  rack-test (= 0.6.3)
  rainbow (= 2.0.0)
  rake (= 0.9.6)
  redis (= 3.0.7)
  remote_syslog_logger (= 1.0.3)
  rest-client (= 1.8.0)
  rspec (= 2.99.0)
  rspec-core (= 2.99.2)
  rspec-expectations (= 2.99.2)
  rspec-mocks (= 2.99.4)
  rubocop (= 0.34.2)
  ruby-progressbar (= 1.7.5)
  rubyzip (= 0.9.9)
  safe_yaml (= 1.0.4)
  selenium-webdriver (= 2.35.1)
  slop (= 3.6.0)
  slowhandcuke (= 0.0.3)
  state_machine (= 1.2.0)
  statsd-ruby (= 1.2.1)
  stripe (= 1.30.3)
  syntax (= 1.0.0)
  syslog_protocol (= 0.9.2)
  systemu (= 2.6.4)
  templater (= 1.0.0)
  thin (= 1.6.2)
  tmuxinator (= 0.5.0)
  unf (= 0.1.4)
  unf_ext (= 0.0.7.1)
  uuid (= 2.3.7)
  uuidtools (= 2.1.5)
  websocket (= 1.0.7)
  websocket-driver (= 0.6.2)
  websocket-extensions (= 0.1.2)
  xpath (= 2.0.0)
  yajl-ruby (= 1.1.0)

BUNDLED WITH
   1.10.6
